{
	"Modality": "MR",
	"MagneticFieldStrength": 3,
	"ImagingFrequency": 123.251,
	"Manufacturer": "Siemens",
	"ManufacturersModelName": "Prisma",
	"InstitutionName": "McLean Hospital BIC",
	"InstitutionalDepartmentName": "Department",
	"InstitutionAddress": "Mill Street 115,Belmount,Boston,US,02478",
	"DeviceSerialNumber": "66094",
	"StationName": "AWP66094",
	"BodyPartExamined": "BRAIN",
	"PatientPosition": "HFS",
	"ProcedureStepDescription": "3P,VA,45",
	"SoftwareVersions": "syngo MR E11",
	"MRAcquisitionType": "2D",
	"SeriesDescription": "Go-NoGo",
	"ProtocolName": "Go-NoGo",
	"ScanningSequence": "EP",
	"SequenceVariant": "SK",
	"ScanOptions": "FS",
	"SequenceName": "*epfid2d1_64",
	"ImageType": ["ORIGINAL", "PRIMARY", "M", "ND", "NORM", "MOSAIC"],
	"SeriesNumber": 14,
	"AcquisitionTime": "08:39:27.052500",
	"AcquisitionNumber": 1,
	"SliceThickness": 3.5,
	"SpacingBetweenSlices": 3.5,
	"SAR": 0.0704293,
	"EchoTime": 0.029,
	"RepetitionTime": 2,
	"FlipAngle": 75,
	"PartialFourier": 1,
	"BaseResolution": 64,
	"ShimSetting": [
		1608,
		-9925,
		-3934,
		425,
		4,
		-133,
		32,
		-16	],
	"TxRefAmp": 234.559,
	"PhaseResolution": 1,
	"ReceiveCoilName": "HeadNeck_64",
	"ReceiveCoilActiveElements": "HC1-7",
	"PulseSequenceDetails": "%SiemensSeq%\\ep2d_pace",
	"RefLinesPE": 24,
	"CoilCombinationMethod": "Sum of Squares",
	"ConsistencyInfo": "N4_VE11B_LATEST_20150530",
	"MatrixCoilMode": "GRAPPA",
	"PercentPhaseFOV": 100,
	"PercentSampling": 100,
	"EchoTrainLength": 31,
	"PhaseEncodingSteps": 63,
	"AcquisitionMatrixPE": 64,
	"ReconMatrixPE": 64,
	"BandwidthPerPixelPhaseEncode": 63.776,
	"ParallelReductionFactorInPlane": 2,
	"EffectiveEchoSpacing": 0.000244998,
	"DerivedVendorReportedEchoSpacing": 0.000489996,
	"TotalReadoutTime": 0.0154349,
	"PixelBandwidth": 2440,
	"DwellTime": 3.2e-06,
	"PhaseEncodingDirection": "j",
	"SliceTiming": [
		0.99,
		0,
		1.0425,
		0.0525,
		1.095,
		0.105,
		1.1475,
		0.1575,
		1.1975,
		0.2075,
		1.25,
		0.26,
		1.3025,
		0.3125,
		1.355,
		0.365,
		1.4075,
		0.4175,
		1.46,
		0.47,
		1.51,
		0.52,
		1.5625,
		0.5725,
		1.615,
		0.625,
		1.6675,
		0.6775,
		1.72,
		0.73,
		1.7725,
		0.7825,
		1.8225,
		0.835,
		1.875,
		0.885,
		1.9275,
		0.9375	],
	"ImageOrientationPatientDICOM": [
		0.999848,
		0.0174524,
		0,
		-0.0174524,
		0.999848,
		0	],
	"ImageOrientationText": "Tra",
	"InPlanePhaseEncodingDirectionDICOM": "COL",
	"ConversionSoftware": "dcm2niix",
	"ConversionSoftwareVersion": "v1.0.20211006",
	"TaskName": "no4 attention"
}
