{
	"Modality": "MR",
	"MagneticFieldStrength": 3,
	"ImagingFrequency": 123.244,
	"Manufacturer": "Siemens",
	"ManufacturersModelName": "TrioTim",
	"InstitutionName": "Mclean Hospital",
	"InstitutionalDepartmentName": "Department",
	"InstitutionAddress": "Mill Street 115,Belmount/FC5C61/,Northeast,US,02478",
	"DeviceSerialNumber": "35070",
	"StationName": "MRC35070",
	"PatientPosition": "HFS",
	"ProcedureStepDescription": "3T,No VA Brain,60",
	"SoftwareVersions": "syngo MR B17",
	"MRAcquisitionType": "2D",
	"SeriesDescription": "BOLDmb_GNG",
	"ProtocolName": "BOLDmb_GNG",
	"ScanningSequence": "EP",
	"SequenceVariant": "SK\\SS",
	"ScanOptions": "FS",
	"SequenceName": "epfid2d1_80",
	"ImageType": ["ORIGINAL", "PRIMARY", "M", "MB", "ND", "NORM", "MOSAIC"],
	"SeriesNumber": 14,
	"AcquisitionTime": "09:33:31.800000",
	"AcquisitionNumber": 1,
	"ImageComments": "Unaliased MB6/PE4 (remote)",
	"SliceThickness": 2.8,
	"SpacingBetweenSlices": 2.8,
	"SAR": 0.0674129,
	"EchoTime": 0.03,
	"RepetitionTime": 0.75,
	"FlipAngle": 52,
	"PartialFourier": 1,
	"BaseResolution": 80,
	"ShimSetting": [
		-1199,
		-9680,
		-25530,
		893,
		37,
		27,
		467,
		78	],
	"TxRefAmp": 303.931,
	"PhaseResolution": 1,
	"ReceiveCoilName": "32Ch_Head",
	"CoilString": "t:HEA;HEP",
	"PulseSequenceDetails": "%CustomerSeq%\\cmrr_mbep2d_bold",
	"RefLinesPE": 24,
	"CoilCombinationMethod": "Sum of Squares",
	"MatrixCoilMode": "GRAPPA",
	"MultibandAccelerationFactor": 6,
	"PercentPhaseFOV": 100,
	"PercentSampling": 100,
	"PhaseEncodingSteps": 79,
	"AcquisitionMatrixPE": 80,
	"ReconMatrixPE": 80,
	"BandwidthPerPixelPhaseEncode": 48.077,
	"ParallelReductionFactorInPlane": 2,
	"EffectiveEchoSpacing": 0.00026,
	"DerivedVendorReportedEchoSpacing": 0.000519999,
	"TotalReadoutTime": 0.02054,
	"PixelBandwidth": 2717,
	"DwellTime": 2.3e-06,
	"PhaseEncodingDirection": "j",
	"SliceTiming": [
		0,
		0.4175,
		0.0825,
		0.5,
		0.1675,
		0.585,
		0.25,
		0.6675,
		0.3325,
		0,
		0.4175,
		0.0825,
		0.5,
		0.1675,
		0.585,
		0.25,
		0.6675,
		0.3325,
		0,
		0.4175,
		0.0825,
		0.5,
		0.1675,
		0.585,
		0.25,
		0.6675,
		0.3325,
		0,
		0.4175,
		0.0825,
		0.5,
		0.1675,
		0.585,
		0.25,
		0.6675,
		0.3325,
		0,
		0.4175,
		0.0825,
		0.5,
		0.1675,
		0.585,
		0.25,
		0.6675,
		0.3325,
		0,
		0.4175,
		0.0825,
		0.5,
		0.1675,
		0.585,
		0.25,
		0.6675,
		0.3325	],
	"ImageOrientationPatientDICOM": [
		1,
		-4.99026e-05,
		0.000664189,
		-3.58113e-08,
		0.997185,
		0.0749755	],
	"ImageOrientationText": "Tra>Cor(4.3)>Sag(0.0)",
	"InPlanePhaseEncodingDirectionDICOM": "COL",
	"ConversionSoftware": "dcm2niix",
	"ConversionSoftwareVersion": "v1.0.20211006",
	"TaskName": "no4 attention"
}
