{
	"Modality": "MR",
	"MagneticFieldStrength": 3,
	"ImagingFrequency": 123.251,
	"Manufacturer": "Siemens",
	"ManufacturersModelName": "Prisma",
	"InstitutionName": "Mclean Hospital",
	"InstitutionalDepartmentName": "Department",
	"InstitutionAddress": "Mill Street 115,Belmount,Boston,US,02478",
	"DeviceSerialNumber": "66094",
	"StationName": "AWP66094",
	"BodyPartExamined": "BRAIN",
	"PatientPosition": "HFS",
	"ProcedureStepDescription": "3P,VA,45",
	"SoftwareVersions": "syngo MR E11",
	"MRAcquisitionType": "2D",
	"SeriesDescription": "GNG_BOLDP_mb",
	"ProtocolName": "GNG_BOLDP_mb",
	"ScanningSequence": "EP",
	"SequenceVariant": "SK\\SS",
	"ScanOptions": "FS",
	"SequenceName": "epfid2d1_80",
	"ImageType": ["ORIGINAL", "PRIMARY", "M", "MB", "ND", "NORM", "MOSAIC"],
	"SeriesNumber": 13,
	"AcquisitionTime": "08:22:42.277500",
	"AcquisitionNumber": 1,
	"ImageComments": "Unaliased MB6/PE4/LB",
	"SliceThickness": 2.75,
	"SpacingBetweenSlices": 2.75,
	"SAR": 0.054409,
	"EchoTime": 0.03,
	"RepetitionTime": 0.75,
	"FlipAngle": 52,
	"PartialFourier": 1,
	"BaseResolution": 80,
	"ShimSetting": [
		1614,
		-9991,
		-3846,
		516,
		-14,
		-204,
		-27,
		18	],
	"TxRefAmp": 220.226,
	"PhaseResolution": 1,
	"ReceiveCoilName": "HeadNeck_64",
	"ReceiveCoilActiveElements": "HC1-7",
	"PulseSequenceDetails": "%CustomerSeq%\\cmrr_mbep2d_bold",
	"WipMemBlock": "d2ce7b96-91d5-40af-bb1d-c7280940f633||Sequence: ve11b/master r/50434d5; Mar  3 2017 10:46:13 by eja",
	"RefLinesPE": 24,
	"CoilCombinationMethod": "Sum of Squares",
	"ConsistencyInfo": "N4_VE11B_LATEST_20150530",
	"MatrixCoilMode": "GRAPPA",
	"MultibandAccelerationFactor": 6,
	"PercentPhaseFOV": 100,
	"PercentSampling": 100,
	"EchoTrainLength": 39,
	"PhaseEncodingSteps": 79,
	"AcquisitionMatrixPE": 80,
	"ReconMatrixPE": 80,
	"BandwidthPerPixelPhaseEncode": 49.02,
	"ParallelReductionFactorInPlane": 2,
	"EffectiveEchoSpacing": 0.000254998,
	"DerivedVendorReportedEchoSpacing": 0.000509996,
	"TotalReadoutTime": 0.0201448,
	"PixelBandwidth": 2605,
	"DwellTime": 2.4e-06,
	"PhaseEncodingDirection": "j",
	"SliceTiming": [
		0,
		0.405,
		0.08,
		0.4875,
		0.1625,
		0.5675,
		0.2425,
		0.6475,
		0.325,
		0,
		0.405,
		0.08,
		0.4875,
		0.1625,
		0.5675,
		0.2425,
		0.6475,
		0.325,
		0,
		0.405,
		0.08,
		0.4875,
		0.1625,
		0.5675,
		0.2425,
		0.6475,
		0.325,
		0,
		0.405,
		0.08,
		0.4875,
		0.1625,
		0.5675,
		0.2425,
		0.6475,
		0.325,
		0,
		0.405,
		0.08,
		0.4875,
		0.1625,
		0.5675,
		0.2425,
		0.6475,
		0.325,
		0,
		0.405,
		0.08,
		0.4875,
		0.1625,
		0.5675,
		0.2425,
		0.6475,
		0.325	],
	"ImageOrientationPatientDICOM": [
		0.999848,
		0.0174524,
		0,
		-0.0174524,
		0.999848,
		0	],
	"ImageOrientationText": "Tra",
	"InPlanePhaseEncodingDirectionDICOM": "COL",
	"ConversionSoftware": "dcm2niix",
	"ConversionSoftwareVersion": "v1.0.20211006",
	"TaskName": "no4 attention"
}
