{
	"Modality": "MR",
	"MagneticFieldStrength": 3,
	"ImagingFrequency": 123.244,
	"Manufacturer": "Siemens",
	"ManufacturersModelName": "TrioTim",
	"InstitutionName": "Mclean Hospital",
	"InstitutionalDepartmentName": "Department",
	"InstitutionAddress": "Mill Street 115,Belmount/FC5C61/,Northeast,US,02478",
	"DeviceSerialNumber": "35070",
	"StationName": "MRC35070",
	"PatientPosition": "HFS",
	"ProcedureStepDescription": "3T,VA,45",
	"SoftwareVersions": "syngo MR B17",
	"MRAcquisitionType": "2D",
	"SeriesDescription": "BOLDmb_GNG",
	"ProtocolName": "BOLDmb_GNG",
	"ScanningSequence": "EP",
	"SequenceVariant": "SK\\SS",
	"ScanOptions": "FS",
	"SequenceName": "epfid2d1_80",
	"ImageType": ["ORIGINAL", "PRIMARY", "M", "MB", "ND", "NORM", "MOSAIC"],
	"SeriesNumber": 16,
	"AcquisitionTime": "08:23:0.295000",
	"AcquisitionNumber": 1,
	"ImageComments": "Unaliased MB6/PE4 (remote)",
	"SliceThickness": 2.8,
	"SpacingBetweenSlices": 2.8,
	"SAR": 0.0810284,
	"EchoTime": 0.03,
	"RepetitionTime": 0.75,
	"FlipAngle": 52,
	"PartialFourier": 1,
	"BaseResolution": 80,
	"ShimSetting": [
		-1178,
		-9821,
		-25483,
		640,
		4,
		-508,
		29,
		-13	],
	"TxRefAmp": 320.321,
	"PhaseResolution": 1,
	"ReceiveCoilName": "32Ch_Head",
	"CoilString": "t:HEA;HEP",
	"PulseSequenceDetails": "%CustomerSeq%\\cmrr_mbep2d_bold",
	"RefLinesPE": 24,
	"CoilCombinationMethod": "Sum of Squares",
	"MatrixCoilMode": "GRAPPA",
	"MultibandAccelerationFactor": 6,
	"PercentPhaseFOV": 100,
	"PercentSampling": 100,
	"PhaseEncodingSteps": 79,
	"AcquisitionMatrixPE": 80,
	"ReconMatrixPE": 80,
	"BandwidthPerPixelPhaseEncode": 48.077,
	"ParallelReductionFactorInPlane": 2,
	"EffectiveEchoSpacing": 0.00026,
	"DerivedVendorReportedEchoSpacing": 0.000519999,
	"TotalReadoutTime": 0.02054,
	"PixelBandwidth": 2717,
	"DwellTime": 2.3e-06,
	"PhaseEncodingDirection": "j",
	"SliceTiming": [
		0,
		0.42,
		0.085,
		0.5025,
		0.1675,
		0.5875,
		0.2525,
		0.67,
		0.335,
		0,
		0.42,
		0.085,
		0.5025,
		0.1675,
		0.5875,
		0.2525,
		0.67,
		0.335,
		0,
		0.42,
		0.085,
		0.5025,
		0.1675,
		0.5875,
		0.2525,
		0.67,
		0.335,
		0,
		0.42,
		0.085,
		0.5025,
		0.1675,
		0.5875,
		0.2525,
		0.67,
		0.335,
		0,
		0.42,
		0.085,
		0.5025,
		0.1675,
		0.5875,
		0.2525,
		0.67,
		0.335,
		0,
		0.42,
		0.085,
		0.5025,
		0.1675,
		0.5875,
		0.2525,
		0.67,
		0.335	],
	"ImageOrientationPatientDICOM": [
		1,
		0,
		0,
		0,
		1,
		0	],
	"ImageOrientationText": "Tra",
	"InPlanePhaseEncodingDirectionDICOM": "COL",
	"ConversionSoftware": "dcm2niix",
	"ConversionSoftwareVersion": "v1.0.20211006",
	"TaskName": "no4 attention"
}
