{
	"Modality": "MR",
	"MagneticFieldStrength": 3,
	"ImagingFrequency": 123.251,
	"Manufacturer": "Siemens",
	"ManufacturersModelName": "Prisma",
	"InstitutionName": "Mclean Hospital",
	"InstitutionalDepartmentName": "Department",
	"InstitutionAddress": "Mill Street 115,Belmount,Boston,US,02478",
	"DeviceSerialNumber": "66094",
	"StationName": "AWP66094",
	"BodyPartExamined": "BRAIN",
	"PatientPosition": "HFS",
	"ProcedureStepDescription": "3P,No VA Brain,45",
	"SoftwareVersions": "syngo MR E11",
	"MRAcquisitionType": "2D",
	"SeriesDescription": "GNG_BOLDP_mb",
	"ProtocolName": "GNG_BOLDP_mb",
	"ScanningSequence": "EP",
	"SequenceVariant": "SK\\SS",
	"ScanOptions": "FS",
	"SequenceName": "epfid2d1_80",
	"ImageType": ["ORIGINAL", "PRIMARY", "M", "MB", "ND", "NORM", "MOSAIC"],
	"SeriesNumber": 11,
	"AcquisitionTime": "07:51:29.962500",
	"AcquisitionNumber": 1,
	"ImageComments": "Unaliased MB6/PE4/LB",
	"SliceThickness": 2.75,
	"SpacingBetweenSlices": 2.75,
	"SAR": 0.0536372,
	"EchoTime": 0.03,
	"RepetitionTime": 0.75,
	"FlipAngle": 52,
	"PartialFourier": 1,
	"BaseResolution": 80,
	"ShimSetting": [
		1616,
		-9983,
		-3904,
		488,
		0,
		-102,
		95,
		-20	],
	"TxRefAmp": 231.805,
	"PhaseResolution": 1,
	"ReceiveCoilName": "HeadNeck_64",
	"ReceiveCoilActiveElements": "HC1-7",
	"PulseSequenceDetails": "%CustomerSeq%\\cmrr_mbep2d_bold",
	"WipMemBlock": "c1a1b128-ccd7-4f1e-ba32-f9d9de35f610||Sequence: ve11b/master r/50434d5; Mar  3 2017 10:46:13 by eja",
	"RefLinesPE": 24,
	"CoilCombinationMethod": "Sum of Squares",
	"ConsistencyInfo": "N4_VE11B_LATEST_20150530",
	"MatrixCoilMode": "GRAPPA",
	"MultibandAccelerationFactor": 6,
	"PercentPhaseFOV": 100,
	"PercentSampling": 100,
	"EchoTrainLength": 39,
	"PhaseEncodingSteps": 79,
	"AcquisitionMatrixPE": 80,
	"ReconMatrixPE": 80,
	"BandwidthPerPixelPhaseEncode": 49.02,
	"ParallelReductionFactorInPlane": 2,
	"EffectiveEchoSpacing": 0.000254998,
	"DerivedVendorReportedEchoSpacing": 0.000509996,
	"TotalReadoutTime": 0.0201448,
	"PixelBandwidth": 2605,
	"DwellTime": 2.4e-06,
	"PhaseEncodingDirection": "j",
	"SliceTiming": [
		0,
		0.405,
		0.0825,
		0.4875,
		0.1625,
		0.5675,
		0.2425,
		0.65,
		0.325,
		0,
		0.405,
		0.0825,
		0.4875,
		0.1625,
		0.5675,
		0.2425,
		0.65,
		0.325,
		0,
		0.405,
		0.0825,
		0.4875,
		0.1625,
		0.5675,
		0.2425,
		0.65,
		0.325,
		0,
		0.405,
		0.0825,
		0.4875,
		0.1625,
		0.5675,
		0.2425,
		0.65,
		0.325,
		0,
		0.405,
		0.0825,
		0.4875,
		0.1625,
		0.5675,
		0.2425,
		0.65,
		0.325,
		0,
		0.405,
		0.0825,
		0.4875,
		0.1625,
		0.5675,
		0.2425,
		0.65,
		0.325	],
	"ImageOrientationPatientDICOM": [
		0.999303,
		0.0198715,
		-0.0316039,
		-0.0174428,
		0.997005,
		0.0753468	],
	"ImageOrientationText": "Tra>Cor(4.3)>Sag(-1.9)",
	"InPlanePhaseEncodingDirectionDICOM": "COL",
	"ConversionSoftware": "dcm2niix",
	"ConversionSoftwareVersion": "v1.0.20211006",
	"TaskName": "no4 attention"
}
