{
	"Modality": "MR",
	"MagneticFieldStrength": 3,
	"ImagingFrequency": 123.251,
	"Manufacturer": "Siemens",
	"ManufacturersModelName": "Prisma",
	"InstitutionName": "Mclean Hospital",
	"InstitutionalDepartmentName": "Department",
	"InstitutionAddress": "Mill Street 115,Belmount,Boston,US,02478",
	"DeviceSerialNumber": "66094",
	"StationName": "AWP66094",
	"BodyPartExamined": "BRAIN",
	"PatientPosition": "HFS",
	"ProcedureStepDescription": "3P,VA,45",
	"SoftwareVersions": "syngo MR E11",
	"MRAcquisitionType": "3D",
	"SeriesDescription": "T1_MEMPRAGE1_gr2 RMS",
	"ProtocolName": "T1_MEMPRAGE1_gr2",
	"ScanningSequence": "GR\\IR",
	"SequenceVariant": "SK\\SP\\MP",
	"ScanOptions": "IR",
	"SequenceName": "tfl_me3d4_16ns",
	"ImageType": ["ORIGINAL", "PRIMARY", "OTHER", "ND", "NORM", "MEAN"],
	"SeriesNumber": 6,
	"AcquisitionTime": "07:55:16.000000",
	"AcquisitionNumber": 1,
	"SliceThickness": 1.33,
	"SAR": 0.0395783,
	"NumberOfAverages": 4,
	"EchoTime": 0.00169,
	"RepetitionTime": 2.53,
	"SpoilingState": true,
	"InversionTime": 1.2,
	"FlipAngle": 7,
	"PartialFourier": 1,
	"BaseResolution": 256,
	"ShimSetting": [
		1608,
		-10030,
		-3863,
		426,
		-41,
		-387,
		-26,
		16	],
	"TxRefAmp": 220.226,
	"PhaseResolution": 1,
	"ReceiveCoilName": "HeadNeck_64",
	"ReceiveCoilActiveElements": "HC1-7",
	"PulseSequenceDetails": "%CustomerSeq%\\tfl_mgh_multiecho",
	"RefLinesPE": 32,
	"CoilCombinationMethod": "Adaptive Combine",
	"ConsistencyInfo": "N4_VE11B_LATEST_20150530",
	"MatrixCoilMode": "GRAPPA",
	"PercentPhaseFOV": 75,
	"PercentSampling": 100,
	"PhaseEncodingSteps": 191,
	"AcquisitionMatrixPE": 192,
	"ReconMatrixPE": 192,
	"ParallelReductionFactorInPlane": 2,
	"PixelBandwidth": 650,
	"DwellTime": 3e-06,
	"ImageOrientationPatientDICOM": [
		-0.0597319,
		0.997799,
		-0.0287891,
		-0.0166288,
		-0.0298312,
		-0.999417	],
	"ImageOrientationText": "Sag>Cor(-3.4)>Tra(1.1)",
	"InPlanePhaseEncodingDirectionDICOM": "ROW",
	"ConversionSoftware": "dcm2niix",
	"ConversionSoftwareVersion": "v1.0.20211006"
}
