{
	"Modality": "MR",
	"MagneticFieldStrength": 3,
	"ImagingFrequency": 123.246,
	"Manufacturer": "Siemens",
	"ManufacturersModelName": "TrioTim",
	"InstitutionName": "Mclean Hospital",
	"InstitutionalDepartmentName": "Department",
	"InstitutionAddress": "Mill Street 115,Belmount/FC5C61/,Northeast,US,02478",
	"DeviceSerialNumber": "35070",
	"StationName": "MRC35070",
	"PatientPosition": "HFS",
	"ProcedureStepDescription": "3T,VA,45",
	"SoftwareVersions": "syngo MR B17",
	"MRAcquisitionType": "2D",
	"SeriesDescription": "fMRI-GoNoGo",
	"ProtocolName": "fMRI-GoNoGo",
	"ScanningSequence": "EP",
	"SequenceVariant": "SK",
	"ScanOptions": "FS",
	"SequenceName": "*epfid2d1_64",
	"ImageType": ["ORIGINAL", "PRIMARY", "M", "ND", "NORM", "MOSAIC"],
	"SeriesNumber": 18,
	"AcquisitionTime": "08:50:1.582500",
	"AcquisitionNumber": 1,
	"SliceThickness": 3.5,
	"SpacingBetweenSlices": 3.5,
	"SAR": 0.173289,
	"EchoTime": 0.029,
	"RepetitionTime": 2,
	"FlipAngle": 75,
	"PartialFourier": 1,
	"BaseResolution": 64,
	"ShimSetting": [
		-1214,
		-9697,
		-25478,
		622,
		1,
		-87,
		492,
		70	],
	"TxRefAmp": 322.136,
	"PhaseResolution": 1,
	"ReceiveCoilName": "32Ch_Head",
	"CoilString": "C:HEA;HEP",
	"PulseSequenceDetails": "%SiemensSeq%\\ep2d_pace",
	"RefLinesPE": 24,
	"CoilCombinationMethod": "Adaptive Combine",
	"MatrixCoilMode": "GRAPPA",
	"PercentPhaseFOV": 100,
	"PercentSampling": 100,
	"PhaseEncodingSteps": 63,
	"AcquisitionMatrixPE": 64,
	"ReconMatrixPE": 64,
	"BandwidthPerPixelPhaseEncode": 71.023,
	"ParallelReductionFactorInPlane": 2,
	"EffectiveEchoSpacing": 0.000219999,
	"DerivedVendorReportedEchoSpacing": 0.000439998,
	"TotalReadoutTime": 0.0138599,
	"PixelBandwidth": 2790,
	"DwellTime": 2.8e-06,
	"PhaseEncodingDirection": "j",
	"SliceTiming": [
		0.9925,
		0,
		1.045,
		0.0525,
		1.0975,
		0.105,
		1.15,
		0.155,
		1.2025,
		0.2075,
		1.255,
		0.26,
		1.3075,
		0.3125,
		1.36,
		0.365,
		1.4125,
		0.4175,
		1.4625,
		0.47,
		1.515,
		0.5225,
		1.5675,
		0.575,
		1.62,
		0.6275,
		1.6725,
		0.68,
		1.725,
		0.7325,
		1.7775,
		0.7825,
		1.83,
		0.835,
		1.8825,
		0.8875,
		1.935,
		0.94	],
	"ImageOrientationPatientDICOM": [
		1,
		0,
		0,
		0,
		1,
		0	],
	"ImageOrientationText": "Tra",
	"InPlanePhaseEncodingDirectionDICOM": "COL",
	"ConversionSoftware": "dcm2niix",
	"ConversionSoftwareVersion": "v1.0.20211006",
	"TaskName": "no4 attention"
}
