{
	"Modality": "MR",
	"MagneticFieldStrength": 3,
	"ImagingFrequency": 123.244,
	"Manufacturer": "Siemens",
	"ManufacturersModelName": "TrioTim",
	"InstitutionName": "Mclean Hospital",
	"InstitutionalDepartmentName": "Department",
	"InstitutionAddress": "Mill Street 115,Belmount/FC5C61/,Northeast,US,02478",
	"DeviceSerialNumber": "35070",
	"StationName": "MRC35070",
	"PatientPosition": "HFS",
	"ProcedureStepDescription": "3T,VA,45",
	"SoftwareVersions": "syngo MR B17",
	"MRAcquisitionType": "2D",
	"SeriesDescription": "fMRI-GoNoGo",
	"ProtocolName": "fMRI-GoNoGo",
	"ScanningSequence": "EP",
	"SequenceVariant": "SK",
	"ScanOptions": "FS",
	"SequenceName": "*epfid2d1_64",
	"ImageType": ["ORIGINAL", "PRIMARY", "M", "ND", "NORM", "MOSAIC"],
	"SeriesNumber": 17,
	"AcquisitionTime": "08:36:0.662500",
	"AcquisitionNumber": 1,
	"SliceThickness": 3.5,
	"SpacingBetweenSlices": 3.5,
	"SAR": 0.107439,
	"EchoTime": 0.029,
	"RepetitionTime": 2,
	"FlipAngle": 75,
	"PartialFourier": 1,
	"BaseResolution": 64,
	"ShimSetting": [
		-1186,
		-9693,
		-25486,
		894,
		160,
		200,
		447,
		-1	],
	"TxRefAmp": 301.141,
	"PhaseResolution": 1,
	"ReceiveCoilName": "32Ch_Head",
	"CoilString": "C:HEA;HEP",
	"PulseSequenceDetails": "%SiemensSeq%\\ep2d_pace",
	"RefLinesPE": 24,
	"CoilCombinationMethod": "Adaptive Combine",
	"MatrixCoilMode": "GRAPPA",
	"PercentPhaseFOV": 100,
	"PercentSampling": 100,
	"PhaseEncodingSteps": 63,
	"AcquisitionMatrixPE": 64,
	"ReconMatrixPE": 64,
	"BandwidthPerPixelPhaseEncode": 71.023,
	"ParallelReductionFactorInPlane": 2,
	"EffectiveEchoSpacing": 0.000219999,
	"DerivedVendorReportedEchoSpacing": 0.000439998,
	"TotalReadoutTime": 0.0138599,
	"PixelBandwidth": 2790,
	"DwellTime": 2.8e-06,
	"PhaseEncodingDirection": "j",
	"SliceTiming": [
		0.995,
		0,
		1.0475,
		0.0525,
		1.1,
		0.105,
		1.15,
		0.1575,
		1.2025,
		0.21,
		1.255,
		0.2625,
		1.3075,
		0.315,
		1.36,
		0.3675,
		1.4125,
		0.42,
		1.465,
		0.4725,
		1.5175,
		0.5225,
		1.57,
		0.575,
		1.6225,
		0.6275,
		1.675,
		0.68,
		1.7275,
		0.7325,
		1.7775,
		0.785,
		1.83,
		0.8375,
		1.8825,
		0.89,
		1.935,
		0.9425	],
	"ImageOrientationPatientDICOM": [
		0.999605,
		-0.000758021,
		-0.0281058,
		-2.77467e-08,
		0.999636,
		-0.0269615	],
	"ImageOrientationText": "Tra>Sag(-1.6)>Cor(-1.5)",
	"InPlanePhaseEncodingDirectionDICOM": "COL",
	"ConversionSoftware": "dcm2niix",
	"ConversionSoftwareVersion": "v1.0.20211006",
	"TaskName": "no4 attention"
}
