{
	"Modality": "MR",
	"MagneticFieldStrength": 3,
	"ImagingFrequency": 123.244,
	"Manufacturer": "Siemens",
	"ManufacturersModelName": "TrioTim",
	"InstitutionName": "Mclean Hospital",
	"InstitutionalDepartmentName": "Department",
	"InstitutionAddress": "Mill Street 115,Belmount/FC5C61/,Northeast,US,02478",
	"DeviceSerialNumber": "35070",
	"StationName": "MRC35070",
	"PatientPosition": "HFS",
	"ProcedureStepDescription": "3T,VA,45",
	"SoftwareVersions": "syngo MR B17",
	"MRAcquisitionType": "3D",
	"SeriesDescription": "mocoMEMPRAGE RMS",
	"ProtocolName": "mocoMEMPRAGE",
	"ScanningSequence": "GR\\IR",
	"SequenceVariant": "SP\\MP",
	"ScanOptions": "IR",
	"SequenceName": "Moco3d4_ns",
	"ImageType": ["ORIGINAL", "PRIMARY", "OTHER", "ND", "NORM", "MEAN"],
	"SeriesNumber": 6,
	"AcquisitionTime": "07:52:53.397500",
	"AcquisitionNumber": 1,
	"SliceThickness": 1.33,
	"SAR": 0.0511694,
	"NumberOfAverages": 4,
	"EchoTime": 0.00174,
	"RepetitionTime": 2.53,
	"FlipAngle": 7,
	"PartialFourier": 1,
	"BaseResolution": 256,
	"ShimSetting": [
		-1174,
		-9790,
		-25564,
		737,
		107,
		-487,
		187,
		31	],
	"TxRefAmp": 310.894,
	"PhaseResolution": 1,
	"ReceiveCoilName": "32Ch_Head",
	"CoilString": "C:HEA;HEP",
	"PulseSequenceDetails": "%CustomerSeq%\\WIP711_Moco\\tfl_multiecho_epinav_711",
	"RefLinesPE": 32,
	"CoilCombinationMethod": "Adaptive Combine",
	"MatrixCoilMode": "GRAPPA",
	"PercentPhaseFOV": 75,
	"PercentSampling": 100,
	"PhaseEncodingSteps": 191,
	"AcquisitionMatrixPE": 192,
	"ReconMatrixPE": 192,
	"ParallelReductionFactorInPlane": 2,
	"PixelBandwidth": 651,
	"DwellTime": 3e-06,
	"ImageOrientationPatientDICOM": [
		0.0191389,
		0.996969,
		-0.075405,
		0.0352734,
		-0.0760452,
		-0.99648	],
	"ImageOrientationText": "Sag>Tra(-2.1)>Cor(0.9)",
	"InPlanePhaseEncodingDirectionDICOM": "ROW",
	"ConversionSoftware": "dcm2niix",
	"ConversionSoftwareVersion": "v1.0.20211006"
}
